GEM
  remote: https://rubygems.org/
  specs:
    colorize (1.1.0)
    minitest (5.25.5)
    rake (13.3.0)

PLATFORMS
  ruby
  x86_64-linux

DEPENDENCIES
  colorize
  minitest
  rake

RUBY VERSION
   ruby 3.4.3p32

BUNDLED WITH
   2.6.7
